GEM
  remote: https://rubygems.org/
  specs:
    phashion (1.2.0)

PLATFORMS
  ruby

DEPENDENCIES
  phashion

BUNDLED WITH
   2.1.4
